GEM
  remote: http://rubygems.org/
  specs:
    childprocess (3.0.0)
    parseconfig (1.0.8)
    power_assert (1.2.0)
    rubyzip (2.3.0)
    selenium-webdriver (3.142.7)
      childprocess (>= 0.5, < 4.0)
      rubyzip (>= 1.2.2)
    test-unit (3.3.7)
      power_assert

PLATFORMS
  ruby

DEPENDENCIES
  parseconfig (~> 1.0, >= 1.0.8)
  selenium-webdriver
  test-unit

BUNDLED WITH
   2.1.4
